GEM
  remote: https://rubygems.org/
  specs:
    chunky_png (1.2.7)
    compass (0.12.2)
      chunky_png (~> 1.2)
      fssm (>= 0.2.7)
      sass (~> 3.1)
    foreman (0.62.0)
      thor (>= 0.13.6)
    fssm (0.2.10)
    rake (10.0.3)
    sass (3.2.6)
    thor (0.17.0)
    zurb-foundation (4.0.4)
      rake
      sass (>= 3.2.0)

PLATFORMS
  ruby

DEPENDENCIES
  compass
  foreman
  zurb-foundation
